PATH
  remote: .
  specs:
    3scale_backend (2.1.0)
      3scale_core (= 1.1.0)
      airbrake (= 3.1.16)
      bson_ext (= 1.9.0)
      builder (= 2.1.2)
      hiredis (= 0.4.5)
      influxdb (= 0.1.8)
      mongo (= 1.9.0)
      rack (= 1.5.2)
      rake (= 10.1.0)
      redis (= 3.0.2)
      redis-namespace (= 1.2.1)
      redis-sentinel (= 1.4.4)
      resque (= 1.23.0)
      rest-client (= 1.6.7)
      sinatra (= 1.4.5)
      thin (= 1.5.0)
      tilt (= 1.4.1)
      yajl-ruby (= 1.1.0)

GEM
  remote: https://rubygems.org/
  specs:
    3scale_core (1.1.0)
      faraday (~> 0.8.9)
      json (~> 1.8.1)
    activesupport (4.0.4)
      i18n (~> 0.6, >= 0.6.9)
      minitest (~> 4.2)
      multi_json (~> 1.3)
      thread_safe (~> 0.1)
      tzinfo (~> 0.3.37)
    addressable (2.3.6)
    airbrake (3.1.16)
      builder
      multi_json
    atomic (1.1.16)
    bson (1.9.2)
    bson_ext (1.9.0)
      bson (~> 1.9.0)
    builder (2.1.2)
    byebug (3.4.0)
      columnize (~> 0.8)
      debugger-linecache (~> 1.2)
      slop (~> 3.6)
    codeclimate-test-reporter (0.3.0)
      simplecov (>= 0.7.1, < 1.0.0)
    coderay (1.1.0)
    columnize (0.8.9)
    crack (0.4.2)
      safe_yaml (~> 1.0.0)
    daemons (1.1.9)
    debugger-linecache (1.2.0)
    diff-lcs (1.2.5)
    docile (1.1.3)
    eventmachine (1.0.3)
    fakefs (0.4.3)
    faraday (0.8.9)
      multipart-post (~> 1.2.0)
    geminabox (0.12.4)
      builder
      faraday
      httpclient (>= 2.2.7)
      nesty
      sinatra (>= 1.2.7)
    hiredis (0.4.5)
    httpclient (2.3.4.1)
    i18n (0.6.9)
    influxdb (0.1.8)
      json
    json (1.8.1)
    metaclass (0.0.4)
    method_source (0.8.2)
    mime-types (2.3)
    mini_portile (0.6.0)
    minitest (4.7.5)
    mocha (0.13.3)
      metaclass (~> 0.0.1)
    mongo (1.9.0)
      bson (~> 1.9.0)
    multi_json (1.9.2)
    multipart-post (1.2.0)
    mustache (0.99.5)
    nesty (1.0.2)
    nokogiri (1.6.2.1)
      mini_portile (= 0.6.0)
    pry (0.10.1)
      coderay (~> 1.1.0)
      method_source (~> 0.8.1)
      slop (~> 3.4)
    pry-byebug (2.0.0)
      byebug (~> 3.4)
      pry (~> 0.10)
    pry-doc (0.6.0)
      pry (~> 0.9)
      yard (~> 0.8)
    rack (1.5.2)
    rack-protection (1.5.3)
      rack
    rack-test (0.6.2)
      rack (>= 1.0)
    rake (10.1.0)
    redis (3.0.2)
    redis-namespace (1.2.1)
      redis (~> 3.0.0)
    redis-sentinel (1.4.4)
      redis
    require_all (1.2.1)
    resque (1.23.0)
      multi_json (~> 1.0)
      redis-namespace (~> 1.0)
      sinatra (>= 0.9.2)
      vegas (~> 0.1.2)
    resque_unit (0.4.5)
      json (>= 1.4.6)
    rest-client (1.6.7)
      mime-types (>= 1.16)
    rspec (2.14.1)
      rspec-core (~> 2.14.0)
      rspec-expectations (~> 2.14.0)
      rspec-mocks (~> 2.14.0)
    rspec-core (2.14.8)
    rspec-expectations (2.14.5)
      diff-lcs (>= 1.1.3, < 2.0)
    rspec-mocks (2.14.6)
    rspec_api_documentation (2.0.0)
      activesupport (>= 3.0.0)
      i18n (>= 0.1.0)
      json (>= 1.4.6)
      mustache (>= 0.99.4)
      rspec (>= 2.14.0)
      webmock (>= 1.7.0)
    safe_yaml (1.0.1)
    simplecov (0.8.2)
      docile (~> 1.1.0)
      multi_json
      simplecov-html (~> 0.8.0)
    simplecov-html (0.8.0)
    sinatra (1.4.5)
      rack (~> 1.4)
      rack-protection (~> 1.4)
      tilt (~> 1.3, >= 1.3.4)
    slop (3.6.0)
    thin (1.5.0)
      daemons (>= 1.0.9)
      eventmachine (>= 0.12.6)
      rack (>= 1.0.0)
    thread_safe (0.3.1)
      atomic (>= 1.1.7, < 2)
    tilt (1.4.1)
    timecop (0.5.9.2)
    tzinfo (0.3.39)
    vegas (0.1.11)
      rack (>= 1.0.0)
    webmock (1.17.4)
      addressable (>= 2.2.7)
      crack (>= 0.3.2)
    yajl-ruby (1.1.0)
    yard (0.8.7.4)

PLATFORMS
  ruby

DEPENDENCIES
  3scale_backend!
  codeclimate-test-reporter (~> 0.3.0)
  fakefs (~> 0.4.2)
  geminabox
  mocha (~> 0.13.2)
  nokogiri (~> 1.6.2)
  pry (~> 0.10.0)
  pry-byebug (~> 2.0.0)
  pry-doc (~> 0.6.0)
  rack-test (~> 0.6.2)
  require_all (~> 1.2.1)
  resque_unit (~> 0.4.4)
  rspec_api_documentation (~> 2.0.0)
  timecop (~> 0.5.9.2)
