GIT
  remote: https://github.com/3scale/puma
  revision: e7d3c53583db8d3e33a74f23f4afb59f3f29a330
  branch: 3scale-4.3.9
  specs:
    puma (4.3.9)
      nio4r (~> 2.0)

GIT
  remote: https://github.com/3scale/redis-rb
  revision: 7210a9d6cf733fe5a1ad0dd20f5f613167743810
  branch: apisonator
  specs:
    redis (4.1.3)

GIT
  remote: https://github.com/3scale/resque
  revision: db327e389cf2fc572a503c47b19871ed899356d1
  branch: 3scale
  specs:
    resque (1.27.4)
      mono_logger (~> 1.0)
      multi_json (~> 1.0)
      redis-namespace (~> 1.3)
      sinatra (>= 0.9.2)
      vegas (~> 0.1.2)

GIT
  remote: https://github.com/3scale/source2swagger
  revision: 9a787007577fc58b5822b55720e977cc063057fd
  branch: backend
  specs:
    source2swagger (0.0.2)
      json

PATH
  remote: .
  specs:
    apisonator (3.4.3)

GEM
  remote: https://rubygems.org/
  specs:
    activesupport (5.2.4.3)
      concurrent-ruby (~> 1.0, >= 1.0.2)
      i18n (>= 0.7, < 2)
      minitest (~> 5.1)
      tzinfo (~> 1.1)
    async (1.31.0)
      console (~> 1.10)
      nio4r (~> 2.3)
      timers (~> 4.1)
    async-container (0.16.12)
      async
      async-io
    async-http (0.60.1)
      async (>= 1.25)
      async-io (>= 1.28)
      async-pool (>= 0.2)
      protocol-http (~> 0.24.0)
      protocol-http1 (~> 0.15.0)
      protocol-http2 (~> 0.15.0)
      traces (>= 0.8.0)
    async-http-cache (0.4.3)
      async-http (~> 0.56)
    async-io (1.34.3)
      async
    async-pool (0.3.12)
      async (>= 1.25)
    async-redis (0.7.0)
      async (>= 1.8, < 3.0)
      async-io (~> 1.10)
      async-pool (~> 0.2)
      protocol-redis (~> 0.6.0)
    async-rspec (1.13.0)
      rspec (~> 3.0)
      rspec-files (~> 1.0)
      rspec-memory (~> 1.0)
    benchmark-ips (2.7.2)
    bugsnag (6.6.4)
      concurrent-ruby (~> 1.0)
    build-environment (1.13.0)
    builder (3.2.3)
    byebug (9.1.0)
    codeclimate-test-reporter (0.6.0)
      simplecov (>= 0.7.1, < 1.0.0)
    coderay (1.1.3)
    concurrent-ruby (1.1.6)
    console (1.16.2)
      fiber-local
    daemons (1.2.4)
    diff-lcs (1.3)
    docile (1.1.5)
    dotenv (2.8.1)
    dry-initializer (3.0.3)
    falcon (0.42.3)
      async
      async-container (~> 0.16.0)
      async-http (~> 0.57)
      async-http-cache (~> 0.4.0)
      async-io (~> 1.22)
      build-environment (~> 1.13)
      bundler
      localhost (~> 1.1)
      openssl (~> 3.0)
      process-metrics (~> 0.2.0)
      protocol-rack (~> 0.1)
      samovar (~> 2.1)
    fiber-local (1.0.0)
    gli (2.16.1)
    hiredis (0.6.3)
    i18n (1.8.2)
      concurrent-ruby (~> 1.0)
    json (2.5.1)
    license_finder (7.1.0)
      bundler
      rubyzip (>= 1, < 3)
      thor (~> 1.2)
      tomlrb (>= 1.3, < 2.1)
      with_env (= 1.1.0)
      xml-simple (~> 1.1.9)
    localhost (1.1.10)
    mapping (1.1.1)
    metaclass (0.0.4)
    method_source (1.0.0)
    mini_portile2 (2.8.5)
    minitest (5.18.0)
    mocha (1.3.0)
      metaclass (~> 0.0.1)
    mono_logger (1.1.0)
    multi_json (1.15.0)
    mustache (1.0.5)
    mustermann (2.0.2)
      ruby2_keywords (~> 0.0.1)
    net-scp (1.2.1)
      net-ssh (>= 2.6.5)
    net-ssh (4.2.0)
    nio4r (2.5.9)
    nokogiri (1.16.2)
      mini_portile2 (~> 2.8.2)
      racc (~> 1.4)
    openssl (3.1.0)
    pkg-config (1.1.9)
    power_assert (2.0.3)
    process-metrics (0.2.1)
      console (~> 1.8)
      samovar (~> 2.1)
    prometheus-client (1.0.0)
    protocol-hpack (1.4.2)
    protocol-http (0.24.7)
    protocol-http1 (0.15.1)
      protocol-http (~> 0.22)
    protocol-http2 (0.15.1)
      protocol-hpack (~> 1.4)
      protocol-http (~> 0.18)
    protocol-rack (0.2.4)
      protocol-http (~> 0.23)
      rack (>= 1.0)
    protocol-redis (0.6.1)
    pry (0.14.0)
      coderay (~> 1.1)
      method_source (~> 1.0)
    pry-byebug (3.5.1)
      byebug (~> 9.1)
      pry (~> 0.10)
    pry-doc (1.1.0)
      pry (~> 0.11)
      yard (~> 0.9.11)
    racc (1.7.3)
    rack (2.2.6.4)
    rack-protection (2.2.4)
      rack
    rack-test (0.8.2)
      rack (>= 1.0, < 3)
    rake (13.0.1)
    redis-namespace (1.10.0)
      redis (>= 4)
    resque_spec (0.17.0)
      resque (>= 1.19.0)
      rspec-core (>= 3.0.0)
      rspec-expectations (>= 3.0.0)
      rspec-mocks (>= 3.0.0)
    resque_unit (0.4.8)
      json (>= 1.4.6)
    rexml (3.2.5)
    rspec (3.7.0)
      rspec-core (~> 3.7.0)
      rspec-expectations (~> 3.7.0)
      rspec-mocks (~> 3.7.0)
    rspec-core (3.7.0)
      rspec-support (~> 3.7.0)
    rspec-expectations (3.7.0)
      diff-lcs (>= 1.2.0, < 2.0)
      rspec-support (~> 3.7.0)
    rspec-files (1.0.1)
      rspec (~> 3.0)
    rspec-memory (1.0.1)
      rspec (~> 3.0)
    rspec-mocks (3.7.0)
      diff-lcs (>= 1.2.0, < 2.0)
      rspec-support (~> 3.7.0)
    rspec-support (3.7.0)
    rspec_api_documentation (5.1.0)
      activesupport (>= 3.0.0)
      mustache (~> 1.0, >= 0.99.4)
      rspec (~> 3.0)
    ruby2_keywords (0.0.5)
    rubyzip (2.3.2)
    samovar (2.1.4)
      console (~> 1.0)
      mapping (~> 1.0)
    simplecov (0.15.1)
      docile (~> 1.1.0)
      json (>= 1.8, < 3)
      simplecov-html (~> 0.10.0)
    simplecov-html (0.10.2)
    sinatra (2.2.4)
      mustermann (~> 2.0)
      rack (~> 2.2)
      rack-protection (= 2.2.4)
      tilt (~> 2.0)
    sinatra-contrib (2.2.4)
      multi_json
      mustermann (~> 2.0)
      rack-protection (= 2.2.4)
      sinatra (= 2.2.4)
      tilt (~> 2.0)
    sshkit (1.15.1)
      net-scp (>= 1.1.2)
      net-ssh (>= 2.8.0)
    test-unit (3.5.7)
      power_assert
    thor (1.2.1)
    thread_safe (0.3.6)
    tilt (2.1.0)
    timecop (0.9.1)
    timers (4.3.5)
    tomlrb (2.0.3)
    traces (0.9.1)
    tzinfo (1.2.7)
      thread_safe (~> 0.1)
    vegas (0.1.11)
      rack (>= 1.0.0)
    webrick (1.8.1)
    with_env (1.1.0)
    xml-simple (1.1.9)
      rexml
    yabeda (0.5.0)
      concurrent-ruby
      dry-initializer
    yabeda-prometheus (0.5.0)
      prometheus-client (~> 1.0)
      yabeda (~> 0.5)
    yajl-ruby (1.4.3)
    yard (0.9.26)

PLATFORMS
  ruby

DEPENDENCIES
  apisonator!
  async-pool (~> 0.3.12)
  async-redis (~> 0.7.0)
  async-rspec
  benchmark-ips (~> 2.7.2)
  bugsnag (~> 6)
  builder (= 3.2.3)
  codeclimate-test-reporter (~> 0.6.0)
  daemons (= 1.2.4)
  dotenv (~> 2.8.1)
  falcon (~> 0.35)
  gli (~> 2.16.1)
  hiredis (~> 0.6.1)
  license_finder (~> 7.0)
  mocha (~> 1.3)
  nokogiri (~> 1.16.2)
  pkg-config (~> 1.1.7)
  pry (~> 0.14)
  pry-byebug (~> 3.5.1)
  pry-doc (~> 1.1)
  puma!
  rack (~> 2.2.6)
  rack-test (= 0.8.2)
  rake (~> 13.0)
  redis!
  redis-namespace (~> 1.8)
  resque!
  resque_spec (~> 0.17.0)
  resque_unit (~> 0.4.4)!
  rspec (~> 3.7.0)
  rspec_api_documentation (~> 5.0)
  sinatra (~> 2.2.4)
  sinatra-contrib (~> 2.2.4)
  source2swagger!
  sshkit
  test-unit (~> 3.5)
  timecop (~> 0.9.1)
  webrick (~> 1.8)
  yabeda-prometheus (~> 0.5.0)
  yajl-ruby (~> 1.4.3)

BUNDLED WITH
   2.3.5
