GIT
  remote: git://github.com/unleashed/source2swagger.git
  revision: e7a8cb18b2d52d5f4b791fd86b19622a7df3c444
  branch: master
  specs:
    source2swagger (0.0.2)
      json

PATH
  remote: .
  specs:
    3scale_backend (2.62.0)

GEM
  remote: https://rubygems.org/
  remote: https://geminabox/
  specs:
    abstract_type (0.0.7)
    activesupport (4.2.5.1)
      i18n (~> 0.7)
      json (~> 1.7, >= 1.7.7)
      minitest (~> 5.1)
      thread_safe (~> 0.3, >= 0.3.4)
      tzinfo (~> 1.1)
    adamantium (0.2.0)
      ice_nine (~> 0.11.0)
      memoizable (~> 0.4.0)
    airbrake (4.3.0)
      builder
      multi_json
    anima (0.2.0)
      abstract_type (~> 0.0.7)
      adamantium (~> 0.1)
      equalizer (~> 0.0.8)
    aws-sdk (2.2.35)
      aws-sdk-resources (= 2.2.35)
    aws-sdk-core (2.2.35)
      jmespath (~> 1.0)
    aws-sdk-resources (2.2.35)
      aws-sdk-core (= 2.2.35)
    axiom-types (0.1.1)
      descendants_tracker (~> 0.0.4)
      ice_nine (~> 0.11.0)
      thread_safe (~> 0.3, >= 0.3.1)
    backports (3.6.8)
    builder (3.2.2)
    byebug (8.2.4)
    chronic (0.10.2)
    codeclimate-test-reporter (0.5.0)
      simplecov (>= 0.7.1, < 1.0.0)
    coderay (1.1.0)
    coercible (1.0.0)
      descendants_tracker (~> 0.0.1)
    cubert-client (0.0.12)
      rack (>= 1.4.5)
      vanguard (>= 0.0.5)
      virtus
    daemons (1.1.9)
    descendants_tracker (0.0.4)
      thread_safe (~> 0.3, >= 0.3.1)
    diff-lcs (1.2.5)
    docile (1.1.5)
    equalizer (0.0.11)
    faraday (0.9.2)
      multipart-post (>= 1.2, < 3)
    geminabox (0.13.0)
      builder
      faraday
      httpclient (>= 2.2.7)
      nesty
      sinatra (>= 1.2.7)
    gli (2.13.4)
    hiredis (0.6.1)
    httpclient (2.7.1)
    i18n (0.7.0)
    ice_nine (0.11.2)
    jmespath (1.2.4)
      json_pure (>= 1.8.1)
    json (1.8.3)
    json_pure (1.8.3)
    memoizable (0.4.2)
      thread_safe (~> 0.3, >= 0.3.1)
    metaclass (0.0.4)
    method_source (0.8.2)
    mini_portile2 (2.0.0)
    minitest (5.8.4)
    mocha (1.1.0)
      metaclass (~> 0.0.1)
    multi_json (1.11.2)
    multipart-post (2.0.0)
    mustache (0.99.8)
    nesty (1.0.2)
    net-scp (1.2.1)
      net-ssh (>= 2.6.5)
    net-ssh (3.1.1)
    nokogiri (1.6.7.2)
      mini_portile2 (~> 2.0.0.rc2)
    pg (0.18.4)
    pry (0.10.3)
      coderay (~> 1.1.0)
      method_source (~> 0.8.1)
      slop (~> 3.4)
    pry-byebug (3.3.0)
      byebug (~> 8.0)
      pry (~> 0.10)
    pry-doc (0.8.0)
      pry (~> 0.9)
      yard (~> 0.8)
    puma (2.15.3)
    rack (1.6.4)
    rack-protection (1.5.3)
      rack
    rack-test (0.6.3)
      rack (>= 1.0)
    rake (10.4.2)
    redis (3.2.2)
    redis-namespace (1.5.2)
      redis (~> 3.0, >= 3.0.4)
    resque (1.23.0)
      multi_json (~> 1.0)
      redis-namespace (~> 1.0)
      sinatra (>= 0.9.2)
      vegas (~> 0.1.2)
    resque_spec (0.17.0)
      resque (>= 1.19.0)
      rspec-core (>= 3.0.0)
      rspec-expectations (>= 3.0.0)
      rspec-mocks (>= 3.0.0)
    resque_unit (0.4.8)
      json (>= 1.4.6)
    rspec (3.4.0)
      rspec-core (~> 3.4.0)
      rspec-expectations (~> 3.4.0)
      rspec-mocks (~> 3.4.0)
    rspec-core (3.4.4)
      rspec-support (~> 3.4.0)
    rspec-expectations (3.4.0)
      diff-lcs (>= 1.2.0, < 2.0)
      rspec-support (~> 3.4.0)
    rspec-mocks (3.4.1)
      diff-lcs (>= 1.2.0, < 2.0)
      rspec-support (~> 3.4.0)
    rspec-support (3.4.1)
    rspec_api_documentation (4.7.0)
      activesupport (>= 3.0.0)
      json (~> 1.4, >= 1.4.6)
      mustache (~> 0.99, >= 0.99.4)
      rspec (>= 3.0.0)
    scientist (1.0.0)
    simplecov (0.11.2)
      docile (~> 1.1.0)
      json (~> 1.8)
      simplecov-html (~> 0.10.0)
    simplecov-html (0.10.0)
    sinatra (1.4.7)
      rack (~> 1.5)
      rack-protection (~> 1.4)
      tilt (>= 1.3, < 3)
    sinatra-contrib (1.4.7)
      backports (>= 2.0)
      multi_json
      rack-protection
      rack-test
      sinatra (~> 1.4.0)
      tilt (>= 1.3, < 3)
    slop (3.6.0)
    sshkit (1.9.0)
      net-scp (>= 1.1.2)
      net-ssh (>= 2.8.0)
    statsd-ruby (1.3.0)
    test-unit (2.5.5)
    thread_safe (0.3.5)
    tilt (1.4.1)
    timecop (0.8.1)
    tzinfo (1.2.2)
      thread_safe (~> 0.1)
    vanguard (0.0.5)
      abstract_type (~> 0.0.6)
      adamantium (~> 0.2.0)
      anima (~> 0.2.0)
      descendants_tracker (~> 0.0.1)
      equalizer (~> 0.0.9)
    vegas (0.1.11)
      rack (>= 1.0.0)
    virtus (1.0.5)
      axiom-types (~> 0.1)
      coercible (~> 1.0)
      descendants_tracker (~> 0.0, >= 0.0.3)
      equalizer (~> 0.0, >= 0.0.9)
    whenever (0.9.4)
      chronic (>= 0.6.3)
    yajl-ruby (1.1.0)
    yard (0.8.7.6)

PLATFORMS
  ruby

DEPENDENCIES
  3scale_backend!
  airbrake (= 4.3.0)
  aws-sdk (= 2.2.35)
  builder (= 3.2.2)
  codeclimate-test-reporter (~> 0.5.0)
  cubert-client (= 0.0.12)!
  daemons (= 1.1.9)
  geminabox
  gli (~> 2.13.4)
  hiredis (= 0.6.1)
  mocha (~> 1.1.0)
  nokogiri (~> 1.6.7)
  pg (= 0.18.4)
  pry (~> 0.10.3)
  pry-byebug (~> 3.3.0)
  pry-doc (~> 0.8.0)
  puma (= 2.15.3)
  rack (= 1.6.4)
  rack-test (~> 0.6.2)
  rake (= 10.4.2)
  redis (= 3.2.2)
  redis-namespace (= 1.5.2)
  resque (= 1.23.0)
  resque_spec (~> 0.17.0)
  resque_unit (~> 0.4.4)!
  rspec (~> 3.4.0)
  rspec_api_documentation (~> 4.7.0)
  scientist (= 1.0.0)
  sinatra (= 1.4.7)
  sinatra-contrib (= 1.4.7)
  source2swagger!
  sshkit
  statsd-ruby (= 1.3.0)
  test-unit (= 2.5.5)
  tilt (= 1.4.1)
  timecop (~> 0.8.0)
  whenever (= 0.9.4)
  yajl-ruby (= 1.1.0)

BUNDLED WITH
   1.12.2
