PATH
  remote: .
  specs:
    3scale_backend (1.5.0)
      3scale_core (~> 0.5.0)
      airbrake (~> 3.1.1)
      aws-s3 (~> 0.6)
      builder (~> 2.1)
      cassandra-cql (= 1.0.4)
      hiredis (= 0.4.5)
      rack (~> 1.1)
      rack-rest_api_versioning
      redis (= 3.0.2)
      resque (~> 1.23.0)
      rest-client (= 1.6.7)
      sinatra (~> 1.2.6)
      thin (~> 1.5)
      yajl-ruby (~> 0.7)

GEM
  remote: http://rubygems.org/
  specs:
    3scale_core (0.5.1)
      hiredis (= 0.4.5)
      redis (= 3.0.2)
    airbrake (3.1.6)
      builder
      girl_friday
    aws-s3 (0.6.3)
      builder
      mime-types
      xml-simple
    builder (2.1.2)
    capistrano (2.13.5)
      highline
      net-scp (>= 1.0.0)
      net-sftp (>= 2.0.0)
      net-ssh (>= 2.0.14)
      net-ssh-gateway (>= 1.1.0)
    cassandra-cql (1.0.4)
      simple_uuid (>= 0.2.0)
      thrift_client (>= 0.7.1)
    connection_pool (0.9.2)
    daemons (1.1.9)
    eventmachine (1.0.0)
    fakefs (0.3.2)
    girl_friday (0.11.1)
      connection_pool (~> 0.9.0)
      rubinius-actor
    highline (1.6.15)
    hiredis (0.4.5)
    metaclass (0.0.1)
    mime-types (1.19)
    mocha (0.13.0)
      metaclass (~> 0.0.1)
    multi_json (1.3.7)
    net-scp (1.0.4)
      net-ssh (>= 1.99.1)
    net-sftp (2.0.5)
      net-ssh (>= 2.0.9)
    net-ssh (2.6.1)
    net-ssh-gateway (1.1.0)
      net-ssh (>= 1.99.1)
    nokogiri (1.5.5)
    rack (1.4.1)
    rack-rest_api_versioning (0.0.2)
      rack
    rack-test (0.6.2)
      rack (>= 1.0)
    rake (10.0.0)
    redis (3.0.2)
    redis-namespace (1.2.1)
      redis (~> 3.0.0)
    require_all (1.2.1)
    resque (1.23.0)
      multi_json (~> 1.0)
      redis-namespace (~> 1.0)
      sinatra (>= 0.9.2)
      vegas (~> 0.1.2)
    resque_unit (0.2.7)
    rest-client (1.6.7)
      mime-types (>= 1.16)
    rubinius-actor (0.0.2)
      rubinius-core-api
    rubinius-core-api (0.0.1)
    simple_uuid (0.2.0)
    simplecov (0.4.2)
      simplecov-html (~> 0.4.4)
    simplecov-html (0.4.5)
    sinatra (1.2.8)
      rack (~> 1.1)
      tilt (>= 1.2.2, < 2.0)
    thin (1.5.0)
      daemons (>= 1.0.9)
      eventmachine (>= 0.12.6)
      rack (>= 1.0.0)
    thrift (0.8.0)
    thrift_client (0.8.2)
      thrift (~> 0.8.0)
    tilt (1.3.3)
    timecop (0.5.3)
    vegas (0.1.11)
      rack (>= 1.0.0)
    xml-simple (1.1.2)
    yajl-ruby (0.8.3)

PLATFORMS
  ruby

DEPENDENCIES
  3scale_backend!
  capistrano
  fakefs (~> 0.3.0)
  mocha
  nokogiri
  rack-test
  rake
  require_all
  resque_unit (= 0.2.7)
  simplecov (~> 0.4.0)
  timecop
