GIT
  remote: git@github.com:3scale/core.git
  revision: 252d681c91ab4385eae36c5adfcd051e53bb1a82
  tag: 0.7.0
  specs:
    3scale_core (0.7.0)
      hiredis (= 0.4.5)
      redis (= 3.0.2)

PATH
  remote: .
  specs:
    3scale_backend (1.11.0)
      airbrake (= 3.1.6)
      aws-s3 (= 0.6.3)
      builder (= 2.1.2)
      cassandra-cql (= 1.0.4)
      hiredis (= 0.4.5)
      rack (= 1.5.2)
      rack-rest_api_versioning (= 0.0.2)
      redis (= 3.0.2)
      redis-namespace (= 1.2.1)
      resque (= 1.23.0)
      rest-client (= 1.6.7)
      sinatra (= 1.2.8)
      thin (= 1.5.0)
      thrift_client (= 0.8.3)
      yajl-ruby (= 1.1.0)

GEM
  remote: https://rubygems.org/
  specs:
    airbrake (3.1.6)
      builder
      girl_friday
    aws-s3 (0.6.3)
      builder
      mime-types
      xml-simple
    builder (2.1.2)
    capistrano (2.14.2)
      highline
      net-scp (>= 1.0.0)
      net-sftp (>= 2.0.0)
      net-ssh (>= 2.0.14)
      net-ssh-gateway (>= 1.1.0)
    cassandra-cql (1.0.4)
      simple_uuid (>= 0.2.0)
      thrift_client (>= 0.7.1)
    columnize (0.3.6)
    connection_pool (1.1.0)
    daemons (1.1.9)
    debugger (1.6.0)
      columnize (>= 0.3.1)
      debugger-linecache (~> 1.2.0)
      debugger-ruby_core_source (~> 1.2.1)
    debugger-linecache (1.2.0)
    debugger-ruby_core_source (1.2.2)
    eventmachine (1.0.3)
    fakefs (0.4.2)
    girl_friday (0.11.2)
      connection_pool (~> 1.0)
      rubinius-actor
    highline (1.6.15)
    hiredis (0.4.5)
    json (1.7.7)
    metaclass (0.0.1)
    mime-types (1.25)
    mocha (0.13.2)
      metaclass (~> 0.0.1)
    multi_json (1.6.1)
    net-scp (1.1.0)
      net-ssh (>= 2.6.5)
    net-sftp (2.1.1)
      net-ssh (>= 2.6.5)
    net-ssh (2.6.5)
    net-ssh-gateway (1.2.0)
      net-ssh (>= 2.6.5)
    nokogiri (1.5.6)
    rack (1.5.2)
    rack-rest_api_versioning (0.0.2)
      rack
    rack-test (0.6.2)
      rack (>= 1.0)
    rake (10.0.3)
    redis (3.0.2)
    redis-namespace (1.2.1)
      redis (~> 3.0.0)
    require_all (1.2.1)
    resque (1.23.0)
      multi_json (~> 1.0)
      redis-namespace (~> 1.0)
      sinatra (>= 0.9.2)
      vegas (~> 0.1.2)
    resque_unit (0.4.4)
      json (>= 1.4.6)
    rest-client (1.6.7)
      mime-types (>= 1.16)
    rubinius-actor (0.0.2)
      rubinius-core-api
    rubinius-core-api (0.0.1)
    simple_uuid (0.4.0)
    simplecov (0.7.1)
      multi_json (~> 1.0)
      simplecov-html (~> 0.7.1)
    simplecov-html (0.7.1)
    sinatra (1.2.8)
      rack (~> 1.1)
      tilt (>= 1.2.2, < 2.0)
    thin (1.5.0)
      daemons (>= 1.0.9)
      eventmachine (>= 0.12.6)
      rack (>= 1.0.0)
    thrift (0.8.0)
    thrift_client (0.8.3)
      thrift (~> 0.8.0)
    tilt (1.4.1)
    timecop (0.5.9.2)
    vegas (0.1.11)
      rack (>= 1.0.0)
    xml-simple (1.1.2)
    yajl-ruby (1.1.0)

PLATFORMS
  ruby

DEPENDENCIES
  3scale_backend!
  3scale_core!
  capistrano
  debugger (~> 1.6.0)
  fakefs (= 0.4.2)
  mocha
  nokogiri
  rack-test
  rake
  require_all
  resque_unit (= 0.4.4)
  simplecov (= 0.7.1)
  timecop
