PATH
  remote: .
  specs:
    3scale_backend (1.2.6)
      3scale_core (~> 0.4.4)
      aws-s3 (~> 0.6)
      builder (~> 2.1)
      hiredis (= 0.1.4)
      rack (~> 1.1)
      rack-rest_api_versioning
      rack_hoptoad (~> 0.1)
      redis (= 2.1.1)
      resque (~> 1.14.0)
      sinatra (~> 1.2.6)
      thin (~> 1.2)
      yajl-ruby (~> 0.7)

GEM
  remote: http://rubygems.org/
  specs:
    3scale_core (0.4.4)
    aws-s3 (0.6.2)
      builder
      mime-types
      xml-simple
    builder (2.1.2)
    daemons (1.1.8)
    eventmachine (0.12.10)
    fakefs (0.3.1)
    hiredis (0.1.4)
      rake-compiler (~> 0.7.1)
      redis (~> 2.1.1)
    json (1.4.6)
    mime-types (1.17.2)
    mocha (0.9.12)
    nokogiri (1.4.4)
    rack (1.2.2)
    rack-rest_api_versioning (0.0.2)
      rack
    rack-test (0.5.7)
      rack (>= 1.0)
    rack_hoptoad (0.1.5)
      rack
      toadhopper (~> 1.0.1)
    rake (0.9.2.2)
    rake-compiler (0.7.9)
      rake
    redis (2.1.1)
    redis-namespace (1.1.0)
      redis (< 3.0.0)
    require_all (1.2.0)
    resque (1.14.0)
      json (~> 1.4.6)
      redis-namespace (>= 0.10.0)
      sinatra (>= 0.9.2)
      vegas (~> 0.1.2)
    resque_unit (0.2.7)
    simplecov (0.4.2)
      simplecov-html (~> 0.4.4)
    simplecov-html (0.4.5)
    sinatra (1.2.8)
      rack (~> 1.1)
      tilt (>= 1.2.2, < 2.0)
    thin (1.3.1)
      daemons (>= 1.0.9)
      eventmachine (>= 0.12.6)
      rack (>= 1.0.0)
    tilt (1.3.3)
    timecop (0.3.5)
    toadhopper (1.0.6)
    vegas (0.1.11)
      rack (>= 1.0.0)
    xml-simple (1.1.1)
    yajl-ruby (0.8.3)

PLATFORMS
  ruby

DEPENDENCIES
  3scale_backend!
  fakefs
  mocha
  nokogiri
  rack-test
  require_all
  resque_unit (= 0.2.7)
  simplecov (~> 0.4.0)
  timecop
