GIT
  remote: https://github.com/3scale/license_finder_xml_reporter
  revision: ab8072d11344b5e6d05565ccc84cb4745d01e6f8
  ref: ab8072d11344b5e6d05565ccc84cb4745d01e6f8
  specs:
    license_finder_xml_reporter (0.1.0)
      license_finder

GIT
  remote: https://github.com/3scale/puma
  revision: de1a1d620009b8bd5ce9c49c5f0737fa6f45a8f5
  tag: 3scale-AMP-2.0.0
  specs:
    puma (2.15.3)

GIT
  remote: https://github.com/3scale/source2swagger
  revision: 9a787007577fc58b5822b55720e977cc063057fd
  branch: backend
  specs:
    source2swagger (0.0.2)
      json

PATH
  remote: .
  specs:
    3scale_backend (2.77.1.1)

GEM
  remote: https://rubygems.org/
  specs:
    activesupport (5.1.3)
      concurrent-ruby (~> 1.0, >= 1.0.2)
      i18n (~> 0.7)
      minitest (~> 5.1)
      tzinfo (~> 1.1)
    airbrake (4.3.1)
      builder
      multi_json
    aws-sdk (2.4.2)
      aws-sdk-resources (= 2.4.2)
    aws-sdk-core (2.4.2)
      jmespath (~> 1.0)
    aws-sdk-resources (2.4.2)
      aws-sdk-core (= 2.4.2)
    backports (3.8.0)
    benchmark-ips (2.7.2)
    builder (3.2.3)
    byebug (9.0.6)
    chronic (0.10.2)
    codeclimate-test-reporter (0.6.0)
      simplecov (>= 0.7.1, < 1.0.0)
    coderay (1.1.1)
    concurrent-ruby (1.0.5)
    daemons (1.2.4)
    diff-lcs (1.3)
    docile (1.1.5)
    faraday (0.11.0)
      multipart-post (>= 1.2, < 3)
    geminabox (0.13.5)
      builder
      faraday
      httpclient (>= 2.2.7)
      nesty
      sinatra (>= 1.2.7)
    gli (2.16.1)
    hiredis (0.6.1)
    httparty (0.15.6)
      multi_xml (>= 0.5.2)
    httpclient (2.8.3)
    i18n (0.8.6)
    jmespath (1.3.1)
    json (2.1.0)
    license_finder (3.0.2)
      bundler
      httparty
      rubyzip
      thor
      with_env (> 1.0)
      xml-simple
    metaclass (0.0.4)
    method_source (0.8.2)
    mini_portile2 (2.2.0)
    minitest (5.10.3)
    mocha (1.2.1)
      metaclass (~> 0.0.1)
    multi_json (1.12.1)
    multi_xml (0.6.0)
    multipart-post (2.0.0)
    mustache (1.0.5)
    nesty (1.0.2)
    net-scp (1.2.1)
      net-ssh (>= 2.6.5)
    net-ssh (4.1.0)
    nokogiri (1.8.0)
      mini_portile2 (~> 2.2.0)
    pg (0.20.0)
    pkg-config (1.1.9)
    power_assert (1.0.2)
    pry (0.10.4)
      coderay (~> 1.1.0)
      method_source (~> 0.8.1)
      slop (~> 3.4)
    pry-byebug (3.4.2)
      byebug (~> 9.0)
      pry (~> 0.10)
    pry-doc (0.11.1)
      pry (~> 0.9)
      yard (~> 0.9)
    rack (1.6.5)
    rack-protection (1.5.3)
      rack
    rack-test (0.6.3)
      rack (>= 1.0)
    rake (10.4.2)
    redis (3.3.3)
    redis-namespace (1.5.3)
      redis (~> 3.0, >= 3.0.4)
    resque (1.23.0)
      multi_json (~> 1.0)
      redis-namespace (~> 1.0)
      sinatra (>= 0.9.2)
      vegas (~> 0.1.2)
    resque_spec (0.17.0)
      resque (>= 1.19.0)
      rspec-core (>= 3.0.0)
      rspec-expectations (>= 3.0.0)
      rspec-mocks (>= 3.0.0)
    resque_unit (0.4.8)
      json (>= 1.4.6)
    rspec (3.6.0)
      rspec-core (~> 3.6.0)
      rspec-expectations (~> 3.6.0)
      rspec-mocks (~> 3.6.0)
    rspec-core (3.6.0)
      rspec-support (~> 3.6.0)
    rspec-expectations (3.6.0)
      diff-lcs (>= 1.2.0, < 2.0)
      rspec-support (~> 3.6.0)
    rspec-mocks (3.6.0)
      diff-lcs (>= 1.2.0, < 2.0)
      rspec-support (~> 3.6.0)
    rspec-support (3.6.0)
    rspec_api_documentation (5.0.0)
      activesupport (>= 3.0.0)
      mustache (~> 1.0, >= 0.99.4)
      rspec (~> 3.0)
    rubyzip (1.2.1)
    scientist (1.0.0)
    simplecov (0.15.0)
      docile (~> 1.1.0)
      json (>= 1.8, < 3)
      simplecov-html (~> 0.10.0)
    simplecov-html (0.10.2)
    sinatra (1.4.8)
      rack (~> 1.5)
      rack-protection (~> 1.4)
      tilt (>= 1.3, < 3)
    sinatra-contrib (1.4.7)
      backports (>= 2.0)
      multi_json
      rack-protection
      rack-test
      sinatra (~> 1.4.0)
      tilt (>= 1.3, < 3)
    slop (3.6.0)
    sshkit (1.14.0)
      net-scp (>= 1.1.2)
      net-ssh (>= 2.8.0)
    statsd-ruby (1.4.0)
    test-unit (3.2.5)
      power_assert
    thor (0.19.4)
    thread_safe (0.3.6)
    tilt (2.0.8)
    timecop (0.9.1)
    tzinfo (1.2.3)
      thread_safe (~> 0.1)
    vegas (0.1.11)
      rack (>= 1.0.0)
    whenever (0.9.7)
      chronic (>= 0.6.3)
    with_env (1.1.0)
    xml-simple (1.1.5)
    yajl-ruby (1.3.0)
    yard (0.9.9)

PLATFORMS
  ruby

DEPENDENCIES
  3scale_backend!
  airbrake (= 4.3.1)
  aws-sdk (= 2.4.2)
  benchmark-ips (~> 2.7.2)
  builder (= 3.2.3)
  codeclimate-test-reporter (~> 0.6.0)
  daemons (= 1.2.4)
  geminabox (~> 0.13.5)
  gli (~> 2.16.1)
  hiredis (= 0.6.1)
  license_finder (~> 3.0.0)
  license_finder_xml_reporter!
  mocha (~> 1.2.1)
  nokogiri (~> 1.8.0)
  pg (= 0.20.0)
  pkg-config (~> 1.1.7)
  pry (~> 0.10.4)
  pry-byebug (~> 3.4.2)
  pry-doc (~> 0.11.1)
  puma!
  rack (= 1.6.5)
  rack-test (~> 0.6.2)
  rake (= 10.4.2)
  redis (= 3.3.3)
  redis-namespace (= 1.5.3)
  resque (= 1.23.0)
  resque_spec (~> 0.17.0)
  resque_unit (~> 0.4.4)!
  rspec (~> 3.6.0)
  rspec_api_documentation (~> 5.0.0)
  scientist (= 1.0.0)
  sinatra (= 1.4.8)
  sinatra-contrib (= 1.4.7)
  source2swagger!
  sshkit
  statsd-ruby (= 1.4.0)
  test-unit (= 3.2.5)
  timecop (~> 0.9.1)
  whenever (= 0.9.7)
  yajl-ruby (= 1.3.0)

BUNDLED WITH
   1.15.3
